GEM
  remote: https://rubygems.org/
  specs:
    airbrake (3.1.16)
      builder
      multi_json
    backports (3.6.4)
    builder (3.2.2)
    capistrano (3.1.0)
      i18n
      rake (>= 10.0.0)
      sshkit (~> 1.3)
    chunky_png (1.3.0)
    compass (0.12.5)
      chunky_png (~> 1.2)
      fssm (>= 0.2.7)
      sass (~> 3.2.19)
    compass-rails (1.0.3)
      compass (>= 0.12.2, < 0.14)
    daemons (1.1.9)
    dotenv (0.10.0)
    eventmachine (1.0.4)
    foreman (0.63.0)
      dotenv (>= 0.7)
      thor (>= 0.13.6)
    fssm (0.2.10)
    geocoder (1.1.9)
    haml (4.0.5)
      tilt
    i18n (0.6.9)
    multi_json (1.9.2)
    net-scp (1.2.0)
      net-ssh (>= 2.6.5)
    net-ssh (2.8.0)
    pg (0.18.1)
    puma (2.0.1)
      rack (>= 1.1, < 2.0)
    rack (1.5.2)
    rack-flash3 (1.0.5)
      rack
    rack-protection (1.5.3)
      rack
    rack-test (0.6.2)
      rack (>= 1.0)
    rake (10.0.4)
    sass (3.2.19)
    sequel (3.48.0)
    sinatra (1.4.5)
      rack (~> 1.4)
      rack-protection (~> 1.4)
      tilt (~> 1.3, >= 1.3.4)
    sinatra-contrib (1.4.2)
      backports (>= 2.0)
      multi_json
      rack-protection
      rack-test
      sinatra (~> 1.4.0)
      tilt (~> 1.3)
    sinatra-twitter-bootstrap (2.3.3)
    sshkit (1.4.0)
      net-scp (>= 1.1.2)
      net-ssh (>= 2.8.0)
      term-ansicolor
    term-ansicolor (1.3.0)
      tins (~> 1.0)
    thin (1.6.2)
      daemons (>= 1.0.9)
      eventmachine (>= 1.0.0)
      rack (>= 1.0.0)
    thor (0.18.1)
    tilt (1.4.1)
    tins (1.1.0)

PLATFORMS
  ruby

DEPENDENCIES
  airbrake (~> 3.1.12)
  capistrano (~> 3.1.0)
  compass-rails (~> 1.0.3)
  dotenv (~> 0.10.0)
  foreman (~> 0.63.0)
  geocoder (~> 1.1.8)
  haml
  pg (~> 0.18.1)
  puma (~> 2.0.1)
  rack-flash3
  rake (~> 10.0.4)
  sequel (~> 3.48.0)
  sinatra (~> 1.4.5)
  sinatra-contrib (~> 1.4.2)
  sinatra-twitter-bootstrap
  thin (~> 1.6.2)
